FRAMEWORK: >= NET40
NUGET
  remote: https://nuget.org/api/v2
  specs:
    FSPowerPack.Community (2.1.3.1)
